GEM
  remote: https://rubygems.org/
  specs:

PLATFORMS
  x64-mingw-ucrt
  x64-mingw32

DEPENDENCIES

BUNDLED WITH
   2.3.7
